GEM
  remote: https://rubygems.org/
  specs:
    actionmailer (3.2.12)
      actionpack (= 3.2.12)
      mail (~> 2.4.4)
    actionpack (3.2.12)
      activemodel (= 3.2.12)
      activesupport (= 3.2.12)
      builder (~> 3.0.0)
      erubis (~> 2.7.0)
      journey (~> 1.0.4)
      rack (~> 1.4.5)
      rack-cache (~> 1.2)
      rack-test (~> 0.6.1)
      sprockets (~> 2.2.1)
    activemodel (3.2.12)
      activesupport (= 3.2.12)
      builder (~> 3.0.0)
    activerecord (3.2.12)
      activemodel (= 3.2.12)
      activesupport (= 3.2.12)
      arel (~> 3.0.2)
      tzinfo (~> 0.3.29)
    activeresource (3.2.12)
      activemodel (= 3.2.12)
      activesupport (= 3.2.12)
    activesupport (3.2.12)
      i18n (~> 0.6)
      multi_json (~> 1.0)
<<<<<<< HEAD
    addressable (2.3.5)
    arel (3.0.2)
    atomic (1.1.14)
    bcrypt-ruby (3.1.2)
    bson (1.9.2)
    bson_ext (1.9.2)
      bson (~> 1.9.2)
    builder (3.0.4)
    cancan (1.6.10)
=======
    addressable (2.3.4)
    arel (3.0.2)
    builder (3.0.4)
>>>>>>> ab83d1ef940b0a3b251a9f3ad1c3b88f523bcdde
    capybara (2.1.0)
      mime-types (>= 1.16)
      nokogiri (>= 1.3.3)
      rack (>= 1.0.0)
      rack-test (>= 0.5.4)
      xpath (~> 2.0)
    coffee-rails (3.2.2)
      coffee-script (>= 2.2.0)
      railties (~> 3.2.0)
    coffee-script (2.2.0)
      coffee-script-source
      execjs
<<<<<<< HEAD
    coffee-script-source (1.6.3)
    cucumber (1.3.8)
      builder (>= 2.1.2)
      diff-lcs (>= 1.1.3)
      gherkin (~> 2.12.1)
      multi_json (>= 1.7.5, < 2.0)
      multi_test (>= 0.0.2)
    cucumber-rails (1.4.0)
      capybara (>= 1.1.2)
      cucumber (>= 1.2.0)
      nokogiri (>= 1.5.0)
      rails (>= 3.0.0)
    daemons (1.1.9)
    database_cleaner (1.2.0)
    devise (3.1.1)
      bcrypt-ruby (~> 3.0)
      orm_adapter (~> 0.1)
      railties (>= 3.2.6, < 5)
      thread_safe (~> 0.1)
      warden (~> 1.2.3)
    diff-lcs (1.2.4)
    email_spec (1.5.0)
      launchy (~> 2.1)
      mail (~> 2.2)
    erubis (2.7.0)
    eventmachine (1.0.3)
    execjs (2.0.2)
=======
    coffee-script-source (1.6.2)
    cucumber (1.3.2)
      builder (>= 2.1.2)
      diff-lcs (>= 1.1.3)
      gherkin (~> 2.12.0)
      multi_json (~> 1.3)
    cucumber-rails (1.3.1)
      capybara (>= 1.1.2)
      cucumber (>= 1.2.0)
      nokogiri (>= 1.5.0)
      rails (~> 3.0)
    database_cleaner (1.0.1)
    diff-lcs (1.2.4)
    email_spec (1.4.0)
      launchy (~> 2.1)
      mail (~> 2.2)
    erubis (2.7.0)
    execjs (1.4.0)
      multi_json (~> 1.0)
>>>>>>> ab83d1ef940b0a3b251a9f3ad1c3b88f523bcdde
    factory_girl (4.2.0)
      activesupport (>= 3.0.0)
    factory_girl_rails (4.2.1)
      factory_girl (~> 4.2.0)
      railties (>= 3.0.0)
<<<<<<< HEAD
    faraday (0.8.8)
      multipart-post (~> 1.2.0)
    gherkin (2.12.2)
      multi_json (~> 1.3)
    google-analytics-rails (0.0.4)
    hashie (2.0.5)
    hike (1.2.3)
    httpauth (0.2.0)
    i18n (0.6.5)
    journey (1.0.4)
    jquery-rails (3.0.4)
      railties (>= 3.0, < 5.0)
      thor (>= 0.14, < 2.0)
    json (1.8.1)
    jwt (0.1.8)
      multi_json (>= 1.5)
=======
    gherkin (2.12.0)
      multi_json (~> 1.3)
    hike (1.2.3)
    i18n (0.6.4)
    journey (1.0.4)
    jquery-rails (3.0.1)
      railties (>= 3.0, < 5.0)
      thor (>= 0.14, < 2.0)
    json (1.8.0)
>>>>>>> ab83d1ef940b0a3b251a9f3ad1c3b88f523bcdde
    launchy (2.3.0)
      addressable (~> 2.3)
    mail (2.4.4)
      i18n (>= 0.4.0)
      mime-types (~> 1.16)
      treetop (~> 1.4.8)
<<<<<<< HEAD
    mime-types (1.25)
    mini_portile (0.5.2)
    modernizr-rails (2.6.2.3)
    mongoid (3.1.5)
      activemodel (~> 3.2)
      moped (~> 1.4)
      origin (~> 1.0)
      tzinfo (~> 0.3.29)
    mongoid-rspec (1.9.0)
      mongoid (>= 3.0.1)
      rake
      rspec (>= 2.14)
    mongoid_slug (3.1.2)
      mongoid (> 3.0)
      stringex (~> 1.4)
    moped (1.5.1)
    multi_json (1.8.2)
    multi_test (0.0.2)
    multipart-post (1.2.0)
    nested_form (0.3.2)
    newrelic_rpm (3.6.8.168)
    nokogiri (1.6.0)
      mini_portile (~> 0.5.0)
    oauth2 (0.8.1)
      faraday (~> 0.8)
      httpauth (~> 0.1)
      jwt (~> 0.1.4)
      multi_json (~> 1.0)
      rack (~> 1.2)
    omniauth (1.1.4)
      hashie (>= 1.2, < 3)
      rack
    omniauth-facebook (1.4.1)
      omniauth-oauth2 (~> 1.1.0)
    omniauth-oauth2 (1.1.1)
      oauth2 (~> 0.8.0)
      omniauth (~> 1.0)
    omniauth-vkontakte (1.3.1)
      multi_json
      omniauth (~> 1.0)
      omniauth-oauth2 (~> 1.1)
    origin (1.1.0)
    orm_adapter (0.4.0)
=======
    mime-types (1.23)
    mini_portile (0.5.0)
    modernizr-rails (2.6.2.3)
    mongoid (3.1.4)
      activemodel (~> 3.2)
      moped (~> 1.4)
      origin (~> 1.0)
      tzinfo (~> 0.3.22)
    mongoid-rspec (1.8.2)
      mongoid (>= 3.0.1)
      rake
      rspec (>= 2.9)
    moped (1.5.0)
    multi_json (1.7.6)
    nokogiri (1.6.0)
      mini_portile (~> 0.5.0)
    origin (1.1.0)
>>>>>>> ab83d1ef940b0a3b251a9f3ad1c3b88f523bcdde
    polyglot (0.3.3)
    rack (1.4.5)
    rack-cache (1.2)
      rack (>= 0.4)
<<<<<<< HEAD
=======
    rack-rewrite (1.3.3)
>>>>>>> ab83d1ef940b0a3b251a9f3ad1c3b88f523bcdde
    rack-ssl (1.3.3)
      rack
    rack-test (0.6.2)
      rack (>= 1.0)
    rails (3.2.12)
      actionmailer (= 3.2.12)
      actionpack (= 3.2.12)
      activerecord (= 3.2.12)
      activeresource (= 3.2.12)
      activesupport (= 3.2.12)
      bundler (~> 1.0)
      railties (= 3.2.12)
    railties (3.2.12)
      actionpack (= 3.2.12)
      activesupport (= 3.2.12)
      rack-ssl (~> 1.3.2)
      rake (>= 0.8.7)
      rdoc (~> 3.4)
      thor (>= 0.14.6, < 2.0)
<<<<<<< HEAD
    rake (10.1.0)
    rdoc (3.12.2)
      json (~> 1.4)
    rspec (2.14.1)
      rspec-core (~> 2.14.0)
      rspec-expectations (~> 2.14.0)
      rspec-mocks (~> 2.14.0)
    rspec-core (2.14.6)
    rspec-expectations (2.14.3)
      diff-lcs (>= 1.1.3, < 2.0)
    rspec-mocks (2.14.4)
    rspec-rails (2.14.0)
      actionpack (>= 3.0)
      activesupport (>= 3.0)
      railties (>= 3.0)
      rspec-core (~> 2.14.0)
      rspec-expectations (~> 2.14.0)
      rspec-mocks (~> 2.14.0)
    sass (3.2.12)
=======
    rake (10.0.4)
    rdoc (3.12.2)
      json (~> 1.4)
    rspec (2.13.0)
      rspec-core (~> 2.13.0)
      rspec-expectations (~> 2.13.0)
      rspec-mocks (~> 2.13.0)
    rspec-core (2.13.1)
    rspec-expectations (2.13.0)
      diff-lcs (>= 1.1.3, < 2.0)
    rspec-mocks (2.13.1)
    rspec-rails (2.13.2)
      actionpack (>= 3.0)
      activesupport (>= 3.0)
      railties (>= 3.0)
      rspec-core (~> 2.13.0)
      rspec-expectations (~> 2.13.0)
      rspec-mocks (~> 2.13.0)
    sass (3.2.9)
>>>>>>> ab83d1ef940b0a3b251a9f3ad1c3b88f523bcdde
    sass-rails (3.2.6)
      railties (~> 3.2.0)
      sass (>= 3.1.10)
      tilt (~> 1.3)
    slim (1.3.9)
      temple (~> 0.6.3)
      tilt (~> 1.3, >= 1.3.3)
    slim-rails (1.1.1)
      actionpack (>= 3.0, < 4.1)
      activesupport (>= 3.0, < 4.1)
      railties (>= 3.0, < 4.1)
      slim (~> 1.3)
    slim_assets (0.0.2)
      slim
      tilt
    sprockets (2.2.2)
      hike (~> 1.2)
      multi_json (~> 1.0)
      rack (~> 1.0)
      tilt (~> 1.1, != 1.3.0)
<<<<<<< HEAD
    stringex (1.5.1)
    temple (0.6.7)
    thin (1.5.1)
      daemons (>= 1.0.9)
      eventmachine (>= 0.12.6)
      rack (>= 1.0.0)
    thor (0.18.1)
    thread_safe (0.1.3)
      atomic
    tilt (1.4.1)
    treetop (1.4.15)
      polyglot
      polyglot (>= 0.3.1)
    tzinfo (0.3.38)
    uglifier (2.3.0)
      execjs (>= 0.3.0)
      json (>= 1.8.0)
    warden (1.2.3)
      rack (>= 1.0)
=======
    temple (0.6.5)
    thor (0.18.1)
    tilt (1.4.1)
    treetop (1.4.14)
      polyglot
      polyglot (>= 0.3.1)
    tzinfo (0.3.37)
    uglifier (2.1.1)
      execjs (>= 0.3.0)
      multi_json (~> 1.0, >= 1.0.2)
>>>>>>> ab83d1ef940b0a3b251a9f3ad1c3b88f523bcdde
    xpath (2.0.0)
      nokogiri (~> 1.3)

PLATFORMS
  ruby

DEPENDENCIES
<<<<<<< HEAD
  bson
  bson_ext
  cancan
  capybara (>= 1.1.2)
  coffee-rails (~> 3.2.1)
  cucumber-rails (>= 1.3.0)
  database_cleaner (>= 0.8.0)
  devise (>= 2.1.2)
  email_spec (>= 1.2.1)
  factory_girl_rails (>= 4.0.0)
  google-analytics-rails
  jquery-rails
  launchy (>= 2.1.2)
  modernizr-rails
  mongoid (>= 3.0.3)
  mongoid-rspec (>= 1.4.6)
  mongoid_slug
  nested_form
  newrelic_rpm
  omniauth
  omniauth-facebook
  omniauth-vkontakte
  rails (= 3.2.12)
  rspec-rails (>= 2.11.0)
  sass-rails (~> 3.2.3)
  slim-rails (~> 1.1.0)
  slim_assets (~> 0.0.2)
  thin
=======
  capybara
  coffee-rails (~> 3.2.1)
  cucumber-rails
  database_cleaner
  email_spec
  factory_girl_rails
  jquery-rails
  launchy
  modernizr-rails
  mongoid (>= 3.0.3)
  mongoid-rspec
  nokogiri
  rack-rewrite
  rails (= 3.2.12)
  rspec-rails
  sass-rails (~> 3.2.3)
  slim-rails (~> 1.1.0)
  slim_assets (~> 0.0.2)
>>>>>>> ab83d1ef940b0a3b251a9f3ad1c3b88f523bcdde
  uglifier (>= 1.0.3)
